GEM
  remote: https://rubygems.org/
  specs:
    benchmark-ips (2.7.2)
    coderay (1.1.2)
    kalibera (0.1)
      memoist (~> 0.11.0)
      rbzip2 (~> 0.2.0)
    memoist (0.11.0)
    method_source (0.9.2)
    minitest (5.11.3)
    pry (0.12.2)
      coderay (~> 1.1.0)
      method_source (~> 0.9.0)
    rbzip2 (0.2.0)
    ruby-prof (1.0.0)

PLATFORMS
  ruby

DEPENDENCIES
  benchmark-ips
  kalibera
  minitest
  pry
  ruby-prof

BUNDLED WITH
   1.17.2
